GEM
  remote: https://rubygems.org/
  specs:
    activesupport (3.2.14)
      i18n (~> 0.6, >= 0.6.4)
      multi_json (~> 1.0)
    daemons (1.1.9)
    faraday (0.8.8)
      multipart-post (~> 1.2.0)
    i18n (0.6.4)
    multi_json (1.7.7)
    multipart-post (1.2.0)
    simple_oauth (0.2.0)
    twitter (4.8.1)
      faraday (~> 0.8, < 0.10)
      multi_json (~> 1.0)
      simple_oauth (~> 0.2)

PLATFORMS
  ruby

DEPENDENCIES
  activesupport (~> 3.2.14)
  daemons
  twitter
